GEM
  remote: https://rubygems.org/
  specs:
    byebug (9.0.5)
    coderay (1.1.1)
    json (2.0.2)
    method_source (0.8.2)
    pry (0.10.4)
      coderay (~> 1.1.0)
      method_source (~> 0.8.1)
      slop (~> 3.4)
    pry-byebug (3.4.0)
      byebug (~> 9.0)
      pry (~> 0.10)
    rethinkdb (2.3.0.0)
      json
    slop (3.6.0)

PLATFORMS
  ruby

DEPENDENCIES
  pry
  pry-byebug
  rethinkdb

BUNDLED WITH
   1.12.5
